GEM
  remote: https://rubygems.org/
  specs:
    bigdecimal (3.2.2)
    diff-lcs (1.6.2)
    google-protobuf (4.31.1)
      bigdecimal
      rake (>= 13)
    google-protobuf (4.31.1-aarch64-linux-gnu)
      bigdecimal
      rake (>= 13)
    google-protobuf (4.31.1-aarch64-linux-musl)
      bigdecimal
      rake (>= 13)
    google-protobuf (4.31.1-arm64-darwin)
      bigdecimal
      rake (>= 13)
    google-protobuf (4.31.1-x86-linux-gnu)
      bigdecimal
      rake (>= 13)
    google-protobuf (4.31.1-x86-linux-musl)
      bigdecimal
      rake (>= 13)
    google-protobuf (4.31.1-x86_64-darwin)
      bigdecimal
      rake (>= 13)
    google-protobuf (4.31.1-x86_64-linux-gnu)
      bigdecimal
      rake (>= 13)
    google-protobuf (4.31.1-x86_64-linux-musl)
      bigdecimal
      rake (>= 13)
    logger (1.7.0)
    rake (13.3.0)
    rspec (3.13.1)
      rspec-core (~> 3.13.0)
      rspec-expectations (~> 3.13.0)
      rspec-mocks (~> 3.13.0)
    rspec-core (3.13.5)
      rspec-support (~> 3.13.0)
    rspec-expectations (3.13.5)
      diff-lcs (>= 1.2.0, < 2.0)
      rspec-support (~> 3.13.0)
    rspec-mocks (3.13.5)
      diff-lcs (>= 1.2.0, < 2.0)
      rspec-support (~> 3.13.0)
    rspec-support (3.13.4)
    temporalio (0.4.0)
      google-protobuf (>= 3.25.0)
      logger
    temporalio (0.4.0-aarch64-linux)
      google-protobuf (>= 3.25.0)
      logger
    temporalio (0.4.0-aarch64-linux-musl)
      google-protobuf (>= 3.25.0)
      logger
    temporalio (0.4.0-arm64-darwin)
      google-protobuf (>= 3.25.0)
      logger
    temporalio (0.4.0-x86_64-darwin)
      google-protobuf (>= 3.25.0)
      logger
    temporalio (0.4.0-x86_64-linux)
      google-protobuf (>= 3.25.0)
      logger
    temporalio (0.4.0-x86_64-linux-musl)
      google-protobuf (>= 3.25.0)
      logger

PLATFORMS
  aarch64-linux
  aarch64-linux-gnu
  aarch64-linux-musl
  arm64-darwin
  ruby
  x86-linux-gnu
  x86-linux-musl
  x86_64-darwin
  x86_64-linux
  x86_64-linux-gnu
  x86_64-linux-musl

DEPENDENCIES
  rspec
  temporalio

RUBY VERSION
   ruby 3.4.5p51

BUNDLED WITH
   2.6.9
